PATH
  remote: .
  specs:
    fun_metrics (0.1.0)
      prometheus-client (>= 4.0)
      rack (>= 2.0)

GEM
  remote: https://rubygems.org/
  specs:
    base64 (0.3.0)
    byebug (12.0.0)
    diff-lcs (1.6.2)
    prometheus-client (4.2.5)
      base64
    rack (3.2.0)
    rake (13.3.0)
    rspec (3.13.1)
      rspec-core (~> 3.13.0)
      rspec-expectations (~> 3.13.0)
      rspec-mocks (~> 3.13.0)
    rspec-core (3.13.5)
      rspec-support (~> 3.13.0)
    rspec-expectations (3.13.5)
      diff-lcs (>= 1.2.0, < 2.0)
      rspec-support (~> 3.13.0)
    rspec-mocks (3.13.5)
      diff-lcs (>= 1.2.0, < 2.0)
      rspec-support (~> 3.13.0)
    rspec-support (3.13.5)

PLATFORMS
  arm64-darwin-24
  ruby

DEPENDENCIES
  byebug
  fun_metrics!
  prometheus-client (~> 4.0)
  rake (~> 13.0)
  rspec (~> 3.0)

BUNDLED WITH
   2.6.1
